GEM
  remote: http://rubygems.org/
  specs:
    ZenTest (4.5.0)
    autotest (4.4.6)
      ZenTest (>= 4.4.1)
    builder (3.0.0)
    ci_reporter (1.6.5)
      builder (>= 2.1.2)
    diff-lcs (1.1.2)
    rake (0.9.2)
    rspec (2.6.0)
      rspec-core (~> 2.6.0)
      rspec-expectations (~> 2.6.0)
      rspec-mocks (~> 2.6.0)
    rspec-core (2.6.4)
    rspec-expectations (2.6.0)
      diff-lcs (~> 1.1.2)
    rspec-mocks (2.6.0)
    simplecov (0.4.2)
      simplecov-html (~> 0.4.4)
    simplecov-html (0.4.5)
    simplecov-rcov (0.2.0)

PLATFORMS
  ruby

DEPENDENCIES
  ZenTest
  autotest
  ci_reporter
  rake
  rspec
  simplecov
  simplecov-rcov
